PATH
  remote: .
  specs:
    rock_fintech (0.1.0)

GEM
  remote: https://rubygems.org/
  specs:
    byebug (9.1.0)
    concurrent-ruby (1.0.5)
    diff-lcs (1.3)
    faker (1.8.5)
      i18n (~> 0.9.1)
    i18n (0.9.1)
      concurrent-ruby (~> 1.0)
    macaddr (1.7.1)
      systemu (~> 2.6.2)
    rake (10.5.0)
    rspec (3.7.0)
      rspec-core (~> 3.7.0)
      rspec-expectations (~> 3.7.0)
      rspec-mocks (~> 3.7.0)
    rspec-core (3.7.0)
      rspec-support (~> 3.7.0)
    rspec-expectations (3.7.0)
      diff-lcs (>= 1.2.0, < 2.0)
      rspec-support (~> 3.7.0)
    rspec-mocks (3.7.0)
      diff-lcs (>= 1.2.0, < 2.0)
      rspec-support (~> 3.7.0)
    rspec-support (3.7.0)
    systemu (2.6.5)

PLATFORMS
  ruby

DEPENDENCIES
  bundler (~> 1.16)
  byebug (~> 9.1)
  faker (~> 1.8, >= 1.8.4)
  macaddr (~> 1.7, >= 1.7.1)
  rake (~> 10.0)
  rock_fintech!
  rspec (~> 3.0)

BUNDLED WITH
   1.16.0
